GEM
  remote: https://rubygems.org/
  specs:
    rack (2.2.6.4)
    warden (1.2.7)
      rack (>= 1.0)

PLATFORMS
  ruby

DEPENDENCIES
  rack
  warden

BUNDLED WITH
   1.16.1
